GEM
  remote: https://rubygems.org/
  specs:
    coveralls (0.8.23)
      json (>= 1.8, < 3)
      simplecov (~> 0.16.1)
      term-ansicolor (~> 1.3)
      thor (>= 0.19.4, < 2.0)
      tins (~> 1.6)
    docile (1.3.2)
    json (2.2.0)
    metaclass (0.0.4)
    minitest (5.11.3)
    mocha (1.9.0)
      metaclass (~> 0.0.1)
    mustermann (1.0.3)
    nio4r (2.5.2)
    puma (4.3.1)
      nio4r (~> 2.0)
    rack (2.0.8)
    rack-protection (2.0.5)
      rack
    rack-test (1.1.0)
      rack (>= 1.0, < 3)
    simplecov (0.16.1)
      docile (~> 1.1)
      json (>= 1.8, < 3)
      simplecov-html (~> 0.10.0)
    simplecov-html (0.10.2)
    sinatra (2.0.5)
      mustermann (~> 1.0)
      rack (~> 2.0)
      rack-protection (= 2.0.5)
      tilt (~> 2.0)
    term-ansicolor (1.7.1)
      tins (~> 1.0)
    thor (0.20.3)
    tilt (2.0.9)
    tins (1.21.1)

PLATFORMS
  ruby

DEPENDENCIES
  coveralls
  minitest
  mocha
  puma
  rack-test
  simplecov
  sinatra

RUBY VERSION
   ruby 2.6.3p62

BUNDLED WITH
   1.17.2
